GEM
  remote: https://rubygems.org/
  specs:
    hiredis (0.6.0)
    rack (1.6.4)
    rack-protection (1.5.3)
      rack
    redis (3.2.1)
    redis-namespace (1.5.2)
      redis (~> 3.0, >= 3.0.4)
    sinatra (1.4.6)
      rack (~> 1.4)
      rack-protection (~> 1.4)
      tilt (>= 1.3, < 3)
    tilt (2.0.1)

PLATFORMS
  ruby

DEPENDENCIES
  hiredis (~> 0.4)
  redis (~> 3.0)
  redis-namespace
  sinatra (~> 1.4)

BUNDLED WITH
   1.10.6
